GIT
  remote: https://github.com/DFE-Digital/dfe-analytics.git
  revision: 706595e52fed211cee53ad99ceaeaabb47a059cc
  tag: v1.14.2
  specs:
    dfe-analytics (1.14.2)
      google-cloud-bigquery (~> 1.38)
      httparty (~> 0.21)
      multi_xml (~> 0.6.0)
      request_store_rails (~> 2)

GIT
  remote: https://github.com/DFE-Digital/dfe-autocomplete.git
  revision: c31601c145381accab91a6b6983b16de7ddada56
  tag: v0.1.0
  specs:
    dfe-autocomplete (0.1.0)
      actionview (>= 7.0.2.3)
      activemodel (>= 7.0.2.3)
      govuk-components
      rails (>= 7.0.2.3)
      view_component

GIT
  remote: https://github.com/DFE-Digital/dfe-reference-data.git
  revision: 0e5dd9169a8395053497dcbca83c64c8eb0e2d63
  tag: v3.6.3
  specs:
    dfe-reference-data (3.6.3)
      activesupport
      tzinfo

GIT
  remote: https://github.com/DFE-Digital/dfe-wizard.git
  revision: 2968ba3310680071948df98eca11d3a6dbe49a6c
  tag: v0.1.0
  specs:
    dfe-wizard (0.1.0)
      activemodel
      activesupport

GIT
  remote: https://github.com/DFE-Digital/get-into-teaching-api-ruby-client.git
  revision: ca21fa3841b5480f8a20a2cde064e0edb6dd0cde
  specs:
    get_into_teaching_api_client (3.4.0)
      faraday (~> 1.0, >= 1.0.1)
    get_into_teaching_api_client_faraday (3.4.0)
      activesupport
      faraday
      faraday-encoding
      faraday-http-cache
      faraday_middleware
      faraday_middleware-circuit_breaker
      get_into_teaching_api_client

GIT
  remote: https://github.com/DFE-Digital/rspec-retry.git
  revision: 306b42b8d5853303982e1a165e82d04744c20ea3
  branch: main
  specs:
    rspec-retry (0.7.0)
      rspec-core (> 3.3)

GEM
  remote: https://rubygems.org/
  specs:
    actioncable (7.2.1)
      actionpack (= 7.2.1)
      activesupport (= 7.2.1)
      nio4r (~> 2.0)
      websocket-driver (>= 0.6.1)
      zeitwerk (~> 2.6)
    actionmailbox (7.2.1)
      actionpack (= 7.2.1)
      activejob (= 7.2.1)
      activerecord (= 7.2.1)
      activestorage (= 7.2.1)
      activesupport (= 7.2.1)
      mail (>= 2.8.0)
    actionmailer (7.2.1)
      actionpack (= 7.2.1)
      actionview (= 7.2.1)
      activejob (= 7.2.1)
      activesupport (= 7.2.1)
      mail (>= 2.8.0)
      rails-dom-testing (~> 2.2)
    actionpack (7.2.1)
      actionview (= 7.2.1)
      activesupport (= 7.2.1)
      nokogiri (>= 1.8.5)
      racc
      rack (>= 2.2.4, < 3.2)
      rack-session (>= 1.0.1)
      rack-test (>= 0.6.3)
      rails-dom-testing (~> 2.2)
      rails-html-sanitizer (~> 1.6)
      useragent (~> 0.16)
    actiontext (7.2.1)
      actionpack (= 7.2.1)
      activerecord (= 7.2.1)
      activestorage (= 7.2.1)
      activesupport (= 7.2.1)
      globalid (>= 0.6.0)
      nokogiri (>= 1.8.5)
    actionview (7.2.1)
      activesupport (= 7.2.1)
      builder (~> 3.1)
      erubi (~> 1.11)
      rails-dom-testing (~> 2.2)
      rails-html-sanitizer (~> 1.6)
    active_hash (3.3.1)
      activesupport (>= 5.0.0)
    activejob (7.2.1)
      activesupport (= 7.2.1)
      globalid (>= 0.3.6)
    activemodel (7.2.1)
      activesupport (= 7.2.1)
    activerecord (7.2.1)
      activemodel (= 7.2.1)
      activesupport (= 7.2.1)
      timeout (>= 0.4.0)
    activerecord-cte (0.4.0)
      activerecord
    activestorage (7.2.1)
      actionpack (= 7.2.1)
      activejob (= 7.2.1)
      activerecord (= 7.2.1)
      activesupport (= 7.2.1)
      marcel (~> 1.0)
    activesupport (7.2.1)
      base64
      bigdecimal
      concurrent-ruby (~> 1.0, >= 1.3.1)
      connection_pool (>= 2.2.5)
      drb
      i18n (>= 1.6, < 2)
      logger (>= 1.4.2)
      minitest (>= 5.1)
      securerandom (>= 0.3)
      tzinfo (~> 2.0, >= 2.0.5)
    addressable (2.8.7)
      public_suffix (>= 2.0.2, < 7.0)
    aes_key_wrap (1.1.0)
    anyway_config (2.6.3)
      ruby-next-core (~> 1.0)
    ar-sequence (0.2.1)
      activerecord
    archive-zip (0.12.0)
      io-like (~> 0.3.0)
    ast (2.4.2)
    attr_extras (7.1.0)
    attr_required (1.0.2)
    audited (5.7.0)
      activerecord (>= 5.2, < 8.0)
      activesupport (>= 5.2, < 8.0)
    azure-blob (0.5.2)
      rexml
    base64 (0.2.0)
    bcrypt (3.1.20)
    better_html (2.1.1)
      actionview (>= 6.0)
      activesupport (>= 6.0)
      ast (~> 2.0)
      erubi (~> 1.4)
      parser (>= 2.4)
      smart_properties
    bigdecimal (3.1.8)
    bindata (2.5.0)
    bindex (0.8.1)
    blazer (3.0.4)
      activerecord (>= 6.1)
      chartkick (>= 5)
      csv
      railties (>= 6.1)
      safely_block (>= 0.4)
    brakeman (6.2.1)
      racc
    builder (3.3.0)
    bullet (7.2.0)
      activesupport (>= 3.0.0)
      uniform_notifier (~> 1.11)
    business_time (0.13.0)
      activesupport (>= 3.2.0)
      tzinfo
    byebug (11.1.3)
    capybara (3.40.0)
      addressable
      matrix
      mini_mime (>= 0.1.3)
      nokogiri (~> 1.11)
      rack (>= 1.6.0)
      rack-test (>= 0.6.3)
      regexp_parser (>= 1.5, < 3.0)
      xpath (~> 3.2)
    capybara-email (3.0.2)
      capybara (>= 2.4, < 4.0)
      mail
    chartkick (5.1.0)
    childprocess (5.0.0)
    choice (0.2.0)
    climate_control (1.2.0)
    clockwork (3.0.2)
      activesupport
      tzinfo
    clockwork-test (0.5.1)
      clockwork
      timecop
    coderay (1.1.3)
    colorize (1.1.0)
    combine_pdf (1.0.26)
      matrix
      ruby-rc4 (>= 0.1.5)
    commonmarker (1.1.4)
      rb_sys (~> 0.9)
    concurrent-ruby (1.3.4)
    connection_pool (2.4.1)
    crack (1.0.0)
      bigdecimal
      rexml
    crass (1.0.6)
    csv (3.3.0)
    date (3.3.4)
    db-query-matchers (0.13.0)
      activesupport (>= 4.0, < 7.3)
      rspec (>= 3.0)
    declarative (0.0.20)
    deepsort (0.5.0)
    devise (4.9.4)
      bcrypt (~> 3.0)
      orm_adapter (~> 0.1)
      railties (>= 4.1.0)
      responders
      warden (~> 1.2.3)
    diff-lcs (1.5.1)
    discard (1.3.0)
      activerecord (>= 4.2, < 8)
    docile (1.4.0)
    domain_name (0.6.20240107)
    dotenv (3.0.2)
    dotenv-rails (3.0.2)
      dotenv (= 3.0.2)
      railties (>= 6.1)
    drb (2.2.1)
    dry-initializer (3.1.1)
    erb_lint (0.6.0)
      activesupport
      better_html (>= 2.0.1)
      parser (>= 2.7.1.4)
      rainbow
      rubocop (>= 1)
      smart_properties
    erubi (1.13.0)
    excon (0.109.0)
    factory_bot (6.4.6)
      activesupport (>= 5.0.0)
    factory_bot_rails (6.4.3)
      factory_bot (~> 6.4)
      railties (>= 5.0.0)
    faker (2.22.0)
      i18n (>= 1.8.11, < 2)
    faraday (1.10.4)
      faraday-em_http (~> 1.0)
      faraday-em_synchrony (~> 1.0)
      faraday-excon (~> 1.1)
      faraday-httpclient (~> 1.0)
      faraday-multipart (~> 1.0)
      faraday-net_http (~> 1.0)
      faraday-net_http_persistent (~> 1.0)
      faraday-patron (~> 1.0)
      faraday-rack (~> 1.0)
      faraday-retry (~> 1.0)
      ruby2_keywords (>= 0.0.4)
    faraday-em_http (1.0.0)
    faraday-em_synchrony (1.0.0)
    faraday-encoding (0.0.6)
      faraday
    faraday-excon (1.1.0)
    faraday-gzip (2.0.1)
      faraday (>= 1.0)
      zlib (~> 3.0)
    faraday-http-cache (2.5.1)
      faraday (>= 0.8)
    faraday-httpclient (1.0.1)
    faraday-multipart (1.0.4)
      multipart-post (~> 2)
    faraday-net_http (1.0.2)
    faraday-net_http_persistent (1.2.0)
    faraday-patron (1.0.0)
    faraday-rack (1.0.0)
    faraday-retry (1.0.3)
    faraday_middleware (1.2.1)
      faraday (~> 1.0)
    faraday_middleware-circuit_breaker (0.6.0)
      faraday (>= 0.9, < 3.0)
      stoplight (>= 2.1, < 4.0)
    ffi (1.16.3)
    ffi-compiler (1.0.1)
      ffi (>= 1.0.0)
      rake
    formatador (1.1.0)
    geocoder (1.8.3)
      base64 (>= 0.1.0)
      csv (>= 3.0.0)
    globalid (1.2.1)
      activesupport (>= 6.1)
    google-apis-bigquery_v2 (0.78.0)
      google-apis-core (>= 0.15.0, < 2.a)
    google-apis-core (0.15.1)
      addressable (~> 2.5, >= 2.5.1)
      googleauth (~> 1.9)
      httpclient (>= 2.8.3, < 3.a)
      mini_mime (~> 1.0)
      mutex_m
      representable (~> 3.0)
      retriable (>= 2.0, < 4.a)
    google-cloud-bigquery (1.50.0)
      bigdecimal (~> 3.0)
      concurrent-ruby (~> 1.0)
      google-apis-bigquery_v2 (~> 0.71)
      google-apis-core (~> 0.13)
      google-cloud-core (~> 1.6)
      googleauth (~> 1.9)
      mini_mime (~> 1.0)
    google-cloud-core (1.7.1)
      google-cloud-env (>= 1.0, < 3.a)
      google-cloud-errors (~> 1.0)
    google-cloud-env (2.2.0)
      faraday (>= 1.0, < 3.a)
    google-cloud-errors (1.4.0)
    googleauth (1.11.0)
      faraday (>= 1.0, < 3.a)
      google-cloud-env (~> 2.1)
      jwt (>= 1.4, < 3.0)
      multi_json (~> 1.11)
      os (>= 0.9, < 2.0)
      signet (>= 0.16, < 2.a)
    govuk-components (5.6.1)
      html-attributes-utils (~> 1.0.0, >= 1.0.0)
      pagy (>= 6, < 10)
      view_component (>= 3.9, < 3.15)
    govuk_design_system_formbuilder (5.6.0)
      actionview (>= 6.1)
      activemodel (>= 6.1)
      activesupport (>= 6.1)
      html-attributes-utils (~> 1)
    govuk_markdown (2.0.2)
      activesupport
      redcarpet
    grover (1.1.11)
      combine_pdf (~> 1.0)
      nokogiri (~> 1.0)
    guard (2.18.1)
      formatador (>= 0.2.4)
      listen (>= 2.7, < 4.0)
      lumberjack (>= 1.0.12, < 2.0)
      nenv (~> 0.1)
      notiffany (~> 0.0)
      pry (>= 0.13.0)
      shellany (~> 0.0)
      thor (>= 0.18.1)
    guard-compat (1.2.1)
    guard-rspec (4.7.3)
      guard (~> 2.1)
      guard-compat (~> 1.1)
      rspec (>= 2.99.0, < 4.0)
    hashdiff (1.1.0)
    hashie (5.0.0)
    holidays (8.8.0)
    html-attributes-utils (1.0.2)
      activesupport (>= 6.1.4.4)
    http (5.2.0)
      addressable (~> 2.8)
      base64 (~> 0.1)
      http-cookie (~> 1.0)
      http-form_data (~> 2.2)
      llhttp-ffi (~> 0.5.0)
    http-accept (1.7.0)
    http-cookie (1.0.5)
      domain_name (~> 0.5)
    http-form_data (2.3.0)
    httparty (0.22.0)
      csv
      mini_mime (>= 1.0.0)
      multi_xml (>= 0.5.2)
    httpclient (2.8.3)
    humanize (3.1.0)
    i18n (1.14.6)
      concurrent-ruby (~> 1.0)
    io-console (0.7.2)
    io-like (0.3.1)
    irb (1.14.1)
      rdoc (>= 4.0.0)
      reline (>= 0.4.2)
    json (2.7.2)
    json-jwt (1.15.3.1)
      activesupport (>= 4.2)
      aes_key_wrap
      bindata
      httpclient
    json-schema (5.0.1)
      addressable (~> 2.8)
    json_api_client (1.23.0)
      activemodel (>= 6.0.0)
      activesupport (>= 6.0.0)
      addressable (~> 2.2)
      faraday (>= 1.10, < 3.0)
      faraday-gzip (>= 1.0, < 3.0)
      rack (>= 0.2)
    jwt (2.9.3)
      base64
    language_server-protocol (3.17.0.3)
    launchy (3.0.1)
      addressable (~> 2.8)
      childprocess (~> 5.0)
    listen (3.9.0)
      rb-fsevent (~> 0.10, >= 0.10.3)
      rb-inotify (~> 0.9, >= 0.9.10)
    llhttp-ffi (0.5.0)
      ffi-compiler (~> 1.0)
      rake (~> 13.0)
    logger (1.6.1)
    loofah (2.22.0)
      crass (~> 1.0.2)
      nokogiri (>= 1.12.0)
    lumberjack (1.2.10)
    mail (2.8.1)
      mini_mime (>= 0.1.1)
      net-imap
      net-pop
      net-smtp
    mail-notify (1.2.0)
      actionmailer (>= 5.2.4.6)
      actionpack (>= 5.2.7.1)
      actionview (>= 5.2.7.1)
      activesupport (>= 5.2.4.6)
      notifications-ruby-client (~> 5.1)
      rack (>= 2.1.4.1)
    marcel (1.0.4)
    matrix (0.4.2)
    method_source (1.1.0)
    mime-types (3.5.2)
      mime-types-data (~> 3.2015)
    mime-types-data (3.2023.1205)
    mini_mime (1.1.5)
    mini_portile2 (2.8.7)
    minitest (5.25.1)
    multi_json (1.15.0)
    multi_xml (0.6.0)
    multipart-post (2.4.1)
    mutex_m (0.2.0)
    nenv (0.3.0)
    net-imap (0.4.11)
      date
      net-protocol
    net-pop (0.1.2)
      net-protocol
    net-protocol (0.2.2)
      timeout
    net-smtp (0.5.0)
      net-protocol
    netrc (0.11.0)
    nio4r (2.7.3)
    nokogiri (1.16.7)
      mini_portile2 (~> 2.8.2)
      racc (~> 1.4)
    notiffany (0.1.3)
      nenv (~> 0.1)
      shellany (~> 0.0)
    notifications-ruby-client (5.4.0)
      jwt (>= 1.5, < 3)
    oj (3.16.6)
      bigdecimal (>= 3.0)
      ostruct (>= 0.2)
    okcomputer (1.18.5)
    omniauth (2.1.2)
      hashie (>= 3.4.6)
      rack (>= 2.2.3)
      rack-protection
    omniauth-rails_csrf_protection (1.0.2)
      actionpack (>= 4.2)
      omniauth (~> 2.0)
    omniauth_openid_connect (0.6.1)
      omniauth (>= 1.9, < 3)
      openid_connect (~> 1.1)
    openapi3_parser (0.10.0)
      commonmarker (>= 1.0)
    openid_connect (1.4.2)
      activemodel
      attr_required (>= 1.0.0)
      json-jwt (>= 1.15.0)
      net-smtp
      rack-oauth2 (~> 1.21)
      swd (~> 1.3)
      tzinfo
      validate_email
      validate_url
      webfinger (~> 1.2)
    optimist (3.1.0)
    orm_adapter (0.5.0)
    os (1.1.4)
    ostruct (0.6.0)
    pagy (9.1.0)
    parallel (1.26.3)
    parallel_tests (4.7.2)
      parallel
    parser (3.3.5.0)
      ast (~> 2.4.1)
      racc
    patience_diff (1.2.0)
      optimist (~> 3.0)
    pg (1.5.8)
    postcodes_io (0.4.0)
      excon (~> 0.39)
    prometheus-client (4.2.3)
      base64
    pry (0.14.2)
      coderay (~> 1.1)
      method_source (~> 1.0)
    pry-byebug (3.10.1)
      byebug (~> 11.0)
      pry (>= 0.13, < 0.15)
    pry-rails (0.3.11)
      pry (>= 0.13.0)
    psych (5.1.2)
      stringio
    public_suffix (6.0.1)
    puma (6.4.3)
      nio4r (~> 2.0)
    racc (1.8.1)
    rack (2.2.10)
    rack-attack (6.7.0)
      rack (>= 1.0, < 4)
    rack-mini-profiler (3.3.1)
      rack (>= 1.2.0)
    rack-oauth2 (1.21.3)
      activesupport
      attr_required
      httpclient
      json-jwt (>= 1.11.0)
      rack (>= 2.1.0)
    rack-protection (3.2.0)
      base64 (>= 0.1.0)
      rack (~> 2.2, >= 2.2.4)
    rack-proxy (0.7.7)
      rack
    rack-session (1.0.2)
      rack (< 3)
    rack-test (2.1.0)
      rack (>= 1.3)
    rackup (1.0.0)
      rack (< 3)
      webrick
    rails (7.2.1)
      actioncable (= 7.2.1)
      actionmailbox (= 7.2.1)
      actionmailer (= 7.2.1)
      actionpack (= 7.2.1)
      actiontext (= 7.2.1)
      actionview (= 7.2.1)
      activejob (= 7.2.1)
      activemodel (= 7.2.1)
      activerecord (= 7.2.1)
      activestorage (= 7.2.1)
      activesupport (= 7.2.1)
      bundler (>= 1.15.0)
      railties (= 7.2.1)
    rails-dom-testing (2.2.0)
      activesupport (>= 5.0.0)
      minitest
      nokogiri (>= 1.6)
    rails-erd (1.7.2)
      activerecord (>= 4.2)
      activesupport (>= 4.2)
      choice (~> 0.2.0)
      ruby-graphviz (~> 1.2)
    rails-html-sanitizer (1.6.0)
      loofah (~> 2.21)
      nokogiri (~> 1.14)
    rails_semantic_logger (4.17.0)
      rack
      railties (>= 5.1)
      semantic_logger (~> 4.16)
    railties (7.2.1)
      actionpack (= 7.2.1)
      activesupport (= 7.2.1)
      irb (~> 1.13)
      rackup (>= 1.0.0)
      rake (>= 12.2)
      thor (~> 1.0, >= 1.2.2)
      zeitwerk (~> 2.6)
    rainbow (3.1.1)
    rake (13.2.1)
    rb-fsevent (0.11.2)
    rb-inotify (0.10.1)
      ffi (~> 1.0)
    rb_sys (0.9.97)
    rdoc (6.7.0)
      psych (>= 4.0.0)
    redcarpet (3.6.0)
    redis (4.8.1)
    redlock (1.3.2)
      redis (>= 3.0.0, < 6.0)
    regexp_parser (2.9.2)
    reline (0.5.10)
      io-console (~> 0.5)
    representable (3.2.0)
      declarative (< 0.1.0)
      trailblazer-option (>= 0.1.1, < 0.2.0)
      uber (< 0.2.0)
    request_store (1.5.1)
      rack (>= 1.4)
    request_store-sidekiq (0.1.0)
      request_store (>= 1.3)
      sidekiq (>= 3.0)
    request_store_rails (2.0.0)
      concurrent-ruby (~> 1.0)
    responders (3.1.1)
      actionpack (>= 5.2)
      railties (>= 5.2)
    rest-client (2.1.0)
      http-accept (>= 1.7.0, < 2.0)
      http-cookie (>= 1.0.2, < 2.0)
      mime-types (>= 1.16, < 4.0)
      netrc (~> 0.8)
    retriable (3.1.2)
    rexml (3.3.8)
    rouge (4.4.0)
    rspec (3.13.0)
      rspec-core (~> 3.13.0)
      rspec-expectations (~> 3.13.0)
      rspec-mocks (~> 3.13.0)
    rspec-core (3.13.1)
      rspec-support (~> 3.13.0)
    rspec-expectations (3.13.3)
      diff-lcs (>= 1.2.0, < 2.0)
      rspec-support (~> 3.13.0)
    rspec-mocks (3.13.2)
      diff-lcs (>= 1.2.0, < 2.0)
      rspec-support (~> 3.13.0)
    rspec-rails (7.0.1)
      actionpack (>= 7.0)
      activesupport (>= 7.0)
      railties (>= 7.0)
      rspec-core (~> 3.13)
      rspec-expectations (~> 3.13)
      rspec-mocks (~> 3.13)
      rspec-support (~> 3.13)
    rspec-support (3.13.1)
    rspec_junit_formatter (0.6.0)
      rspec-core (>= 2, < 4, != 2.12.0)
    rubocop (1.66.1)
      json (~> 2.3)
      language_server-protocol (>= 3.17.0)
      parallel (~> 1.10)
      parser (>= 3.3.0.2)
      rainbow (>= 2.2.2, < 4.0)
      regexp_parser (>= 2.4, < 3.0)
      rubocop-ast (>= 1.32.2, < 2.0)
      ruby-progressbar (~> 1.7)
      unicode-display_width (>= 2.4.0, < 3.0)
    rubocop-ast (1.32.3)
      parser (>= 3.3.1.0)
    rubocop-capybara (2.21.0)
      rubocop (~> 1.41)
    rubocop-factory_bot (2.26.1)
      rubocop (~> 1.61)
    rubocop-rails (2.26.2)
      activesupport (>= 4.2.0)
      rack (>= 1.1)
      rubocop (>= 1.52.0, < 2.0)
      rubocop-ast (>= 1.31.1, < 2.0)
    rubocop-rake (0.6.0)
      rubocop (~> 1.0)
    rubocop-rspec (3.1.0)
      rubocop (~> 1.61)
    rubocop-rspec_rails (2.30.0)
      rubocop (~> 1.61)
      rubocop-rspec (~> 3, >= 3.0.1)
    ruby-graphviz (1.2.5)
      rexml
    ruby-jmeter (3.1.08)
      nokogiri
      rest-client
    ruby-next-core (1.0.2)
    ruby-progressbar (1.13.0)
    ruby-rc4 (0.1.5)
    ruby2_keywords (0.0.5)
    rubypants (0.7.1)
    rubyzip (2.3.2)
    safely_block (0.4.1)
    satisfactory (0.3.2)
      factory_bot_rails (~> 6.2)
    securerandom (0.3.1)
    selenium-webdriver (4.25.0)
      base64 (~> 0.2)
      logger (~> 1.4)
      rexml (~> 3.2, >= 3.2.5)
      rubyzip (>= 1.2.2, < 3.0)
      websocket (~> 1.0)
    semantic_logger (4.16.0)
      concurrent-ruby (~> 1.0)
    semantic_range (3.0.0)
    sentry-rails (5.21.0)
      railties (>= 5.0)
      sentry-ruby (~> 5.21.0)
    sentry-ruby (5.21.0)
      bigdecimal
      concurrent-ruby (~> 1.0, >= 1.0.2)
    sentry-sidekiq (5.21.0)
      sentry-ruby (~> 5.21.0)
      sidekiq (>= 3.0)
    shellany (0.0.1)
    shoulda-matchers (6.4.0)
      activesupport (>= 5.2.0)
    sidekiq (6.5.12)
      connection_pool (>= 2.2.5, < 3)
      rack (~> 2.0)
      redis (>= 4.5.0, < 5)
    signet (0.19.0)
      addressable (~> 2.8)
      faraday (>= 0.17.5, < 3.a)
      jwt (>= 1.5, < 3.0)
      multi_json (~> 1.10)
    simplecov (0.22.0)
      docile (~> 1.1)
      simplecov-html (~> 0.11)
      simplecov_json_formatter (~> 0.1)
    simplecov-cobertura (2.1.0)
      rexml
      simplecov (~> 0.19)
    simplecov-html (0.12.3)
    simplecov_json_formatter (0.1.4)
    skylight (6.0.4)
      activesupport (>= 5.2.0)
    smart_properties (1.17.0)
    sniffer (0.5.0)
      anyway_config (>= 1.0)
      dry-initializer (~> 3)
    sprockets (4.2.1)
      concurrent-ruby (~> 1.0)
      rack (>= 2.2.4, < 4)
    sprockets-rails (3.5.2)
      actionpack (>= 6.1)
      activesupport (>= 6.1)
      sprockets (>= 3.0.0)
    stoplight (3.0.2)
      redlock (~> 1.0)
    stringio (3.1.1)
    strip_attributes (1.13.0)
      activemodel (>= 3.0, < 8.0)
    strong_migrations (2.0.0)
      activerecord (>= 6.1)
    super_diff (0.13.0)
      attr_extras (>= 6.2.4)
      diff-lcs
      patience_diff
    swd (1.3.0)
      activesupport (>= 3)
      attr_required (>= 0.0.5)
      httpclient (>= 2.4)
    test_suite_time_machine (2.0.0)
      timecop (~> 0.9)
    thor (1.3.2)
    timecop (0.9.10)
    timeliness (0.4.5)
    timeout (0.4.1)
    trailblazer-option (0.1.2)
    tzinfo (2.0.6)
      concurrent-ruby (~> 1.0)
    tzinfo-data (1.2024.2)
      tzinfo (>= 1.0.0)
    uber (0.1.0)
    uk_postcode (2.1.8)
    unicode-display_width (2.6.0)
    uniform_notifier (1.16.0)
    useragent (0.16.10)
    validate_email (0.1.6)
      activemodel (>= 3.0)
      mail (>= 2.2.5)
    validate_url (1.0.15)
      activemodel (>= 3.0.0)
      public_suffix
    view_component (3.14.0)
      activesupport (>= 5.2.0, < 8.0)
      concurrent-ruby (~> 1.0)
      method_source (~> 1.0)
    warden (1.2.9)
      rack (>= 2.0.9)
    web-console (4.2.1)
      actionview (>= 6.0.0)
      activemodel (>= 6.0.0)
      bindex (>= 0.4.0)
      railties (>= 6.0.0)
    webfinger (1.2.0)
      activesupport
      httpclient (>= 2.4)
    webmock (3.23.1)
      addressable (>= 2.8.0)
      crack (>= 0.3.2)
      hashdiff (>= 0.4.0, < 2.0.0)
    webpacker (5.4.4)
      activesupport (>= 5.2)
      rack-proxy (>= 0.6.1)
      railties (>= 5.2)
      semantic_range (>= 2.3.0)
    webrick (1.8.2)
    websocket (1.2.11)
    websocket-driver (0.7.6)
      websocket-extensions (>= 0.1.0)
    websocket-extensions (0.1.5)
    workflow (3.1.1)
    xpath (3.2.0)
      nokogiri (~> 1.8)
    yabeda (0.12.0)
      anyway_config (>= 1.0, < 3)
      concurrent-ruby
      dry-initializer
    yabeda-gc (0.3.0)
      yabeda (~> 0.6)
    yabeda-http_requests (0.2.1)
      sniffer
      yabeda
    yabeda-prometheus (0.9.1)
      prometheus-client (>= 3.0, < 5.0)
      rack
      yabeda (~> 0.10)
    yabeda-puma-plugin (0.7.1)
      json
      puma
      yabeda (~> 0.5)
    yabeda-rails (0.9.0)
      activesupport
      anyway_config (>= 1.3, < 3)
      railties
      yabeda (~> 0.8)
    yabeda-sidekiq (0.12.0)
      anyway_config (>= 1.3, < 3)
      sidekiq
      yabeda (~> 0.6)
    zeitwerk (2.6.18)
    zlib (3.1.0)

PLATFORMS
  ruby

DEPENDENCIES
  active_hash (~> 3.3.1)
  activerecord-cte
  ar-sequence
  archive-zip
  audited
  azure-blob
  blazer
  brakeman
  bullet
  business_time
  capybara (>= 3.24)
  capybara-email
  climate_control
  clockwork
  clockwork-test
  colorize
  db-query-matchers
  deepsort
  devise
  dfe-analytics!
  dfe-autocomplete!
  dfe-reference-data!
  dfe-wizard!
  discard
  dotenv-rails
  erb_lint
  factory_bot_rails
  faker (= 2.22.0)
  geocoder
  get_into_teaching_api_client_faraday!
  google-cloud-bigquery
  govuk-components (~> 5.6.1)
  govuk_design_system_formbuilder (~> 5.6.0)
  govuk_markdown
  grover
  guard-rspec
  holidays
  http
  humanize
  json-schema
  json_api_client
  jwt
  launchy
  listen (>= 3.0.5, < 3.10)
  mail-notify
  notifications-ruby-client
  oj
  okcomputer
  omniauth
  omniauth-rails_csrf_protection
  omniauth_openid_connect
  openapi3_parser (= 0.10.0)
  pagy
  parallel_tests
  pg (~> 1.5.8)
  postcodes_io
  prometheus-client
  pry
  pry-byebug
  pry-rails
  puma (~> 6.4)
  rack-attack
  rack-mini-profiler
  rails (~> 7.2)
  rails-erd
  rails_semantic_logger
  request_store-sidekiq
  request_store_rails
  rouge
  rspec-rails
  rspec-retry!
  rspec_junit_formatter
  rubocop
  rubocop-capybara
  rubocop-factory_bot
  rubocop-rails
  rubocop-rake
  rubocop-rspec
  rubocop-rspec_rails
  ruby-graphviz
  ruby-jmeter
  rubypants
  satisfactory (~> 0.3)
  selenium-webdriver
  sentry-rails
  sentry-sidekiq
  shoulda-matchers (~> 6.4)
  sidekiq (< 7)
  simplecov
  simplecov-cobertura
  skylight
  sprockets-rails
  strip_attributes
  strong_migrations
  super_diff
  test_suite_time_machine (~> 2.0)
  timecop
  timeliness
  tzinfo-data
  uk_postcode
  view_component
  web-console (>= 3.3.0)
  webmock (~> 3.23)
  webpacker
  workflow
  yabeda-gc
  yabeda-http_requests
  yabeda-prometheus
  yabeda-puma-plugin
  yabeda-rails
  yabeda-sidekiq

RUBY VERSION
   ruby 3.2.4p170

BUNDLED WITH
   2.5.6
